GIT
  remote: git://github.com/bmabey/email-spec.git
  revision: e197a16
  branch: rails3
  specs:
    email_spec (0.6.2)

GIT
  remote: git://github.com/mislav/will_paginate.git
  revision: 3615938
  branch: rails3
  specs:
    will_paginate (3.0.pre2)

GIT
  remote: git://github.com/odorcicd/authlogic.git
  revision: a087ad0
  branch: rails3
  specs:
    authlogic (2.1.3)
      activesupport

GEM
  remote: http://rubygems.org/
  specs:
    ZenTest (4.3.3)
    abstract (1.0.0)
    actionmailer (3.0.0.rc2)
      actionpack (= 3.0.0.rc2)
      mail (~> 2.2.5)
    actionpack (3.0.0.rc2)
      activemodel (= 3.0.0.rc2)
      activesupport (= 3.0.0.rc2)
      builder (~> 2.1.2)
      erubis (~> 2.6.6)
      i18n (~> 0.4.1)
      rack (~> 1.2.1)
      rack-mount (~> 0.6.12)
      rack-test (~> 0.5.4)
      tzinfo (~> 0.3.23)
    activemodel (3.0.0.rc2)
      activesupport (= 3.0.0.rc2)
      builder (~> 2.1.2)
      i18n (~> 0.4.1)
    activerecord (3.0.0.rc2)
      activemodel (= 3.0.0.rc2)
      activesupport (= 3.0.0.rc2)
      arel (~> 1.0.0.rc1)
      tzinfo (~> 0.3.23)
    activeresource (3.0.0.rc2)
      activemodel (= 3.0.0.rc2)
      activesupport (= 3.0.0.rc2)
    activesupport (3.0.0.rc2)
    arel (1.0.0.rc1)
      activesupport (>= 3.0.0.beta)
    autotest (4.3.2)
    autotest-fsevent (0.2.2)
      autotest (>= 4.2.4)
      sys-uname
    autotest-rails (4.1.0)
      ZenTest
    builder (2.1.2)
    capybara (0.3.9)
      culerity (>= 0.2.4)
      mime-types (>= 1.16)
      nokogiri (>= 1.3.3)
      rack (>= 1.0.0)
      rack-test (>= 0.5.4)
      selenium-webdriver (>= 0.0.3)
    configuration (1.1.0)
    cucumber (0.8.5)
      builder (~> 2.1.2)
      diff-lcs (~> 1.1.2)
      gherkin (~> 2.1.4)
      json_pure (~> 1.4.3)
      term-ansicolor (~> 1.0.4)
    cucumber-rails (0.3.2)
      cucumber (>= 0.8.0)
    culerity (0.2.12)
    database_cleaner (0.5.2)
    diff-lcs (1.1.2)
    erubis (2.6.6)
      abstract (>= 1.0.0)
    factory_girl (1.3.2)
    ffi (0.6.3)
      rake (>= 0.8.7)
    gherkin (2.1.5)
      trollop (~> 1.16.2)
    haml (3.0.17)
    hoptoad_notifier (2.3.5)
      activesupport
    i18n (0.4.1)
    json (1.4.6)
    json_pure (1.4.6)
    launchy (0.3.7)
      configuration (>= 0.0.5)
      rake (>= 0.8.1)
    libxml-ruby (1.1.4)
    mail (2.2.5)
      activesupport (>= 2.3.6)
      mime-types
      treetop (>= 1.4.5)
    mime-types (1.16)
    nokogiri (1.4.3.1)
    pg (0.9.0)
    polyglot (0.3.1)
    rack (1.2.1)
    rack-mount (0.6.12)
      rack (>= 1.0.0)
    rack-test (0.5.4)
      rack (>= 1.0)
    rails (3.0.0.rc2)
      actionmailer (= 3.0.0.rc2)
      actionpack (= 3.0.0.rc2)
      activerecord (= 3.0.0.rc2)
      activeresource (= 3.0.0.rc2)
      activesupport (= 3.0.0.rc2)
      bundler (>= 1.0.0.rc.6)
      railties (= 3.0.0.rc2)
    railties (3.0.0.rc2)
      actionpack (= 3.0.0.rc2)
      activesupport (= 3.0.0.rc2)
      rake (>= 0.8.3)
      thor (~> 0.14.0)
    rake (0.8.7)
    ratom (0.6.7)
      libxml-ruby (>= 1.1.2)
    remarkable (4.0.0.alpha4)
      rspec (>= 2.0.0.alpha11)
    remarkable_activemodel (4.0.0.alpha4)
      remarkable (~> 4.0.0.alpha4)
      rspec (>= 2.0.0.alpha11)
    remarkable_activerecord (4.0.0.alpha4)
      remarkable (~> 4.0.0.alpha4)
      remarkable_activemodel (~> 4.0.0.alpha4)
      rspec (>= 2.0.0.alpha11)
    rspec (2.0.0.beta.20)
      rspec-core (= 2.0.0.beta.20)
      rspec-expectations (= 2.0.0.beta.20)
      rspec-mocks (= 2.0.0.beta.20)
    rspec-core (2.0.0.beta.20)
    rspec-expectations (2.0.0.beta.20)
      diff-lcs (>= 1.1.2)
    rspec-mocks (2.0.0.beta.20)
    rspec-rails (2.0.0.beta.20)
      rspec (= 2.0.0.beta.20)
    rubyzip (0.9.4)
    selenium-webdriver (0.0.28)
      ffi (>= 0.6.1)
      json_pure
      rubyzip
    slim_scrooge (1.0.10)
    sys-uname (0.8.4)
    term-ansicolor (1.0.5)
    thor (0.14.0)
    treetop (1.4.8)
      polyglot (>= 0.3.1)
    trollop (1.16.2)
    tzinfo (0.3.23)

PLATFORMS
  ruby

DEPENDENCIES
  authlogic!
  autotest (= 4.3.2)
  autotest-fsevent (= 0.2.2)
  autotest-rails (= 4.1.0)
  capybara (~> 0.3.9)
  cucumber (~> 0.8.3)
  cucumber-rails (~> 0.3.2)
  database_cleaner (= 0.5.2)
  email_spec!
  factory_girl
  haml
  hoptoad_notifier (~> 2.3.3)
  json
  launchy
  pg
  rails (= 3.0.0.rc2)
  ratom
  remarkable_activerecord (= 4.0.0.alpha4)
  rspec (= 2.0.0.beta.20)
  rspec-rails (= 2.0.0.beta.20)
  slim_scrooge
  will_paginate!
