GIT
  remote: git://github.com/mislav/will_paginate.git
  revision: 3615938
  branch: rails3
  specs:
    will_paginate (3.0.pre2)

GIT
  remote: git://github.com/odorcicd/authlogic.git
  revision: a087ad0
  branch: rails3
  specs:
    authlogic (2.1.3)
      activesupport

GEM
  remote: http://rubygems.org/
  specs:
    abstract (1.0.0)
    actionmailer (3.0.0.rc2)
      actionpack (= 3.0.0.rc2)
      mail (~> 2.2.5)
    actionpack (3.0.0.rc2)
      activemodel (= 3.0.0.rc2)
      activesupport (= 3.0.0.rc2)
      builder (~> 2.1.2)
      erubis (~> 2.6.6)
      i18n (~> 0.4.1)
      rack (~> 1.2.1)
      rack-mount (~> 0.6.12)
      rack-test (~> 0.5.4)
      tzinfo (~> 0.3.23)
    activemodel (3.0.0.rc2)
      activesupport (= 3.0.0.rc2)
      builder (~> 2.1.2)
      i18n (~> 0.4.1)
    activerecord (3.0.0.rc2)
      activemodel (= 3.0.0.rc2)
      activesupport (= 3.0.0.rc2)
      arel (~> 1.0.0.rc1)
      tzinfo (~> 0.3.23)
    activeresource (3.0.0.rc2)
      activemodel (= 3.0.0.rc2)
      activesupport (= 3.0.0.rc2)
    activesupport (3.0.0.rc2)
    arel (1.0.0.rc1)
      activesupport (>= 3.0.0.beta)
    builder (2.1.2)
    erubis (2.6.6)
      abstract (>= 1.0.0)
    haml (5.1.2)
      temple (>= 0.8.0)
      tilt
    hoptoad_notifier (2.3.5)
      activesupport
    i18n (0.4.1)
    json (1.4.6)
    libxml-ruby (1.1.4)
    mail (2.2.5)
      activesupport (>= 2.3.6)
      mime-types
      treetop (>= 1.4.5)
    mime-types (1.16)
    pg (0.9.0)
    polyglot (0.3.1)
    rack (1.2.1)
    rack-mount (0.6.12)
      rack (>= 1.0.0)
    rack-test (0.5.4)
      rack (>= 1.0)
    rails (3.0.0.rc2)
      actionmailer (= 3.0.0.rc2)
      actionpack (= 3.0.0.rc2)
      activerecord (= 3.0.0.rc2)
      activeresource (= 3.0.0.rc2)
      activesupport (= 3.0.0.rc2)
      bundler (>= 1.0.0.rc.6)
      railties (= 3.0.0.rc2)
    railties (3.0.0.rc2)
      actionpack (= 3.0.0.rc2)
      activesupport (= 3.0.0.rc2)
      rake (>= 0.8.3)
      thor (~> 0.14.0)
    rake (13.0.1)
    ratom (0.6.7)
      libxml-ruby (>= 1.1.2)
    slim_scrooge (1.0.10)
    temple (0.8.2)
    thor (0.14.0)
    tilt (2.0.10)
    treetop (1.4.8)
      polyglot (>= 0.3.1)
    tzinfo (0.3.23)

PLATFORMS
  ruby

DEPENDENCIES
  authlogic!
  haml
  hoptoad_notifier (~> 2.3.3)
  json
  pg
  rails (= 3.0.0.rc2)
  ratom
  slim_scrooge
  will_paginate!
